PATH
  remote: .
  specs:
    hola (3.3.0.pre.rc3)

GEM
  remote: https://rubygems.org/
  specs:

PLATFORMS
  ruby
  x86_64-linux

DEPENDENCIES
  hola!

BUNDLED WITH
   2.6.2
